GIT
  remote: git://github.com/chef/omnibus-software.git
  revision: 05e778b04644c5bb1d1e1fb514587361868a61c6
  specs:
    omnibus-software (4.0.0)

GIT
  remote: git://github.com/chef/omnibus.git
  revision: c9937e6d3729aa72bf45c0bd77a6ff9d4c2c5d09
  specs:
    omnibus (4.0.0)
      chef-sugar (~> 3.0)
      cleanroom (~> 1.0)
      mixlib-shellout (~> 2.0)
      mixlib-versioning
      ohai (~> 8.0)
      ruby-progressbar (~> 1.7)
      thor (~> 0.18)
      uber-s3

GEM
  remote: https://rubygems.org/
  specs:
    chef-sugar (3.1.1)
    cleanroom (1.0.0)
    ffi (1.9.10)
    ffi-yajl (2.2.2)
      libyajl2 (~> 1.2)
    ipaddress (0.8.0)
    libyajl2 (1.2.0)
    mime-types (2.6.1)
    mixlib-cli (1.5.0)
    mixlib-config (2.2.1)
    mixlib-log (1.6.0)
    mixlib-shellout (2.1.0)
    mixlib-versioning (1.1.0)
    ohai (8.5.0)
      ffi (~> 1.9)
      ffi-yajl (~> 2.2)
      ipaddress
      mime-types (~> 2.0)
      mixlib-cli
      mixlib-config (~> 2.0)
      mixlib-log
      mixlib-shellout (~> 2.0)
      rake (~> 10.1)
      systemu (~> 2.6.4)
      wmi-lite (~> 1.0)
    rake (10.4.2)
    ruby-progressbar (1.7.5)
    systemu (2.6.5)
    thor (0.19.1)
    uber-s3 (0.1.1)
    wmi-lite (1.0.0)

PLATFORMS
  ruby

DEPENDENCIES
  omnibus!
  omnibus-software!
